GEM
  remote: https://rubygems.org/
  specs:
    andand (1.3.3)
    aws-sdk (2.9.18)
      aws-sdk-resources (= 2.9.18)
    aws-sdk-core (2.9.18)
      aws-sigv4 (~> 1.0)
      jmespath (~> 1.0)
    aws-sdk-resources (2.9.18)
      aws-sdk-core (= 2.9.18)
    aws-sigv4 (1.0.0)
    dkimverify (0.0.8)
      parslet (~> 1.6)
    elasticsearch (1.1.2)
      elasticsearch-api (= 1.1.2)
      elasticsearch-transport (= 1.1.2)
    elasticsearch-api (1.1.2)
      multi_json
    elasticsearch-transport (1.1.2)
      faraday
      multi_json
    faraday (0.12.1)
      multipart-post (>= 1.2, < 3)
    guess_html_encoding (0.0.11)
    humanhash (0.1.0)
    jmespath (1.3.1)
    jruby-jars (9.1.5.0)
    jruby-openssl (0.9.20-java)
    jruby-rack (1.1.20)
    mail (2.6.5)
      mime-types (>= 1.16, < 4)
    manticore (0.6.0-java)
    mime-types (3.1)
      mime-types-data (~> 3.2015)
    mime-types-data (3.2016.0521)
    multi_json (1.12.1)
    multipart-post (2.0.0)
    mustermann (1.0.2)
    nokogiri (1.8.2-java)
    parslet (1.8.0)
    pst (0.0.2)
      andand
    rack (2.0.5)
    rack-protection (2.0.3)
      rack
    rake (12.0.0)
    rika-stevedore (1.7.4-java)
    rubyzip (1.3.0)
    sinatra (2.0.3)
      mustermann (~> 1.0)
      rack (~> 2.0)
      rack-protection (= 2.0.3)
      tilt (~> 2.0)
    stevedore-uploader (1.0.15-java)
      aws-sdk (~> 2)
      dkimverify (~> 0.0.8)
      elasticsearch (~> 1.0)
      humanhash (~> 0.1.0)
      jruby-openssl (~> 0.9.17)
      mail (~> 2.6)
      manticore (= 0.6.0)
      nokogiri (~> 1.6)
      pst (~> 0.0.2)
      rika-stevedore (~> 1.7.4)
      rubyzip (~> 1.1)
    therubyrhino (2.0.4)
      therubyrhino_jar (>= 1.7.3)
    therubyrhino_jar (1.7.6)
    tilt (2.0.8)
    warbler (2.0.4)
      jruby-jars (>= 9.0.0.0)
      jruby-rack (>= 1.1.1, < 1.3)
      rake (>= 10.1.0)
      rubyzip (~> 1.0, < 1.4)

PLATFORMS
  java
  ruby

DEPENDENCIES
  aws-sdk (~> 2)
  bundler
  elasticsearch
  guess_html_encoding
  jruby-jars (= 9.1.5.0)
  manticore
  sinatra (~> 2.0.2)
  stevedore-uploader (~> 1.0.15)
  therubyrhino
  warbler (~> 2.0.0)

BUNDLED WITH
   1.15.3
